GIT
  remote: git://github.com/GBH/jade-rails.git
  revision: 12b2f5b34720a23bc6148f0a907df9018a1c2492
  specs:
    jade-rails (1.11.0.0)
      execjs
      tilt

GIT
  remote: git://github.com/IngateFuture/simple_form-magic_submit.git
  revision: 314287801e6030a8fcf72f706d3660d25ba4969c
  specs:
    simple_form-magic_submit (1.2.0)
      i18n (~> 0.6)
      simple_form (>= 3.0.0.beta1)

GIT
  remote: git://github.com/fauxparse/guard-i18n-js.git
  revision: 4c99c24e55eda1b2eb795bb4e8485732a17fbc0e
  specs:
    guard-i18n-js (1.0.0)
      guard (~> 2.1)
      i18n-js (~> 3.0.0.rc3)

GIT
  remote: git://github.com/flori/amatch.git
  revision: 81db493aa8fa007b6d384e75960212ea1637412e
  specs:
    amatch (0.2.12)
      tins (~> 0.3)

GIT
  remote: git://github.com/libc/rack-contrib.git
  revision: 1b672c3551e86e7191485bffad2ec7d0d8fec012
  branch: rack_ruby_2+no-gvb
  specs:
    rack-contrib (1.4.0)
      rack (>= 1.4, < 3.0)

GIT
  remote: git://github.com/morr/Ruby-SVD.git
  revision: 2775ee2f257fb3c95ef94e8d9cf56ea7686531e7
  specs:
    ruby-svd (0.5.4)

GIT
  remote: git://github.com/morr/acts_as_voteable.git
  revision: 9d2b34208f790779d898f13b5505b37f0a8e3aa8
  branch: master
  specs:
    acts_as_voteable (0.0.3)

GIT
  remote: git://github.com/morr/cancancan.git
  revision: ac270003130fed41392873ab08d9d3f50d2b12c7
  branch: master
  specs:
    cancancan (1.16.0)

GIT
  remote: git://github.com/morr/russian.git
  revision: 752e7bae6d86e7829b0caffd6eeabbfdb5d259c4
  specs:
    rs_russian (0.9.5)
      activesupport (>= 3.0.0, < 5.1.0)
      i18n (>= 0.6.0, < 0.9.0)
      unicode (~> 0.4.4)

GIT
  remote: git://github.com/morr/sidekiq-unique-jobs.git
  revision: a99ac38049be65d33dd28d444c219c2a10e9ae2a
  branch: master
  specs:
    sidekiq-unique-jobs (4.0.18)
      sidekiq (>= 2.6)
      thor

GIT
  remote: git://github.com/morr/turbolinks.git
  revision: e01896a937f339d1c3e9bc8d0dd967dd494ead0e
  branch: master
  specs:
    turbolinks (2.5.3)
      coffee-rails

GIT
  remote: git://github.com/myobie/htmldiff.git
  revision: c3b9112b34e9c37e805068ae3a6a42388666e67e
  specs:
    htmldiff (0.0.1)

GIT
  remote: git://github.com/shikimori/mal_parser.git
  revision: 06b72c4b30921b0c806260a9d780a2229fa2e861
  specs:
    mal_parser (0.1.0)
      attr_extras
      nokogiri

GEM
  remote: https://rubygems.org/
  remote: https://rails-assets.org/
  specs:
    actioncable (5.1.0.rc2)
      actionpack (= 5.1.0.rc2)
      nio4r (~> 2.0)
      websocket-driver (~> 0.6.1)
    actionmailer (5.1.0.rc2)
      actionpack (= 5.1.0.rc2)
      actionview (= 5.1.0.rc2)
      activejob (= 5.1.0.rc2)
      mail (~> 2.5, >= 2.5.4)
      rails-dom-testing (~> 2.0)
    actionpack (5.1.0.rc2)
      actionview (= 5.1.0.rc2)
      activesupport (= 5.1.0.rc2)
      rack (~> 2.0)
      rack-test (~> 0.6.3)
      rails-dom-testing (~> 2.0)
      rails-html-sanitizer (~> 1.0, >= 1.0.2)
    actionpack-action_caching (1.2.0)
      actionpack (>= 4.0.0, < 6)
    actionview (5.1.0.rc2)
      activesupport (= 5.1.0.rc2)
      builder (~> 3.1)
      erubi (~> 1.4)
      rails-dom-testing (~> 2.0)
      rails-html-sanitizer (~> 1.0, >= 1.0.3)
    active_model_serializers (0.10.5)
      actionpack (>= 4.1, < 6)
      activemodel (>= 4.1, < 6)
      case_transform (>= 0.2)
      jsonapi-renderer (>= 0.1.1.beta1, < 0.2)
    active_record_query_trace (1.5.4)
    activejob (5.1.0.rc2)
      activesupport (= 5.1.0.rc2)
      globalid (>= 0.3.6)
    activemodel (5.1.0.rc2)
      activesupport (= 5.1.0.rc2)
    activemodel-serializers-xml (1.0.1)
      activemodel (> 5.x)
      activerecord (> 5.x)
      activesupport (> 5.x)
      builder (~> 3.1)
    activerecord (5.1.0.rc2)
      activemodel (= 5.1.0.rc2)
      activesupport (= 5.1.0.rc2)
      arel (~> 8.0)
    activerecord-import (0.18.1)
      activerecord (>= 3.2)
    activesupport (5.1.0.rc2)
      concurrent-ruby (~> 1.0, >= 1.0.2)
      i18n (~> 0.7)
      minitest (~> 5.1)
      tzinfo (~> 1.1)
    acts-as-taggable-on (4.0.0)
      activerecord (>= 4.0)
    acts_as_list (0.9.5)
      activerecord (>= 3.0)
    addressable (2.5.1)
      public_suffix (~> 2.0, >= 2.0.2)
    airbrussh (1.2.0)
      sshkit (>= 1.6.1, != 1.7.0)
    apipie-rails (0.4.0)
      json
      rails (>= 4.0)
    appsignal (2.1.2)
      rack
      thread_safe
    arel (8.0.0)
    ast (2.3.0)
    attr_extras (5.2.0)
    awesome_print (1.7.0)
    bcrypt (3.1.11)
    better_errors (2.1.1)
      coderay (>= 1.0.0)
      erubis (>= 2.6.6)
      rack (>= 0.9.0)
    binding_of_caller (0.7.2)
      debug_inspector (>= 0.0.1)
    bourbon (4.3.4)
      sass (~> 3.4)
      thor (~> 0.19)
    browser (2.3.0)
    builder (3.2.3)
    byebug (9.0.6)
    capistrano (3.8.0)
      airbrussh (>= 1.0.0)
      i18n
      rake (>= 10.0.0)
      sshkit (>= 1.9.0)
    capistrano-bundler (1.2.0)
      capistrano (~> 3.1)
      sshkit (~> 1.2)
    capistrano-rails (1.2.3)
      capistrano (~> 3.1)
      capistrano-bundler (~> 1.1)
    capybara (2.13.0)
      addressable
      mime-types (>= 1.16)
      nokogiri (>= 1.3.3)
      rack (>= 1.0.0)
      rack-test (>= 0.5.4)
      xpath (~> 2.0)
    case_transform (0.2)
      activesupport
    chainable_methods (0.2.1)
    chronic (0.10.2)
    climate_control (0.1.0)
    clockwork (2.0.2)
      activesupport
      tzinfo
    cocaine (0.5.8)
      climate_control (>= 0.0.3, < 1.0)
    coderay (1.1.1)
    coffee-rails (4.2.1)
      coffee-script (>= 2.2.0)
      railties (>= 4.0.0, < 5.2.x)
    coffee-script (2.4.1)
      coffee-script-source
      execjs
    coffee-script-source (1.12.2)
    colorize (0.8.1)
    concurrent-ruby (1.0.5)
    connection_pool (2.2.1)
    cookiejar (0.3.3)
    crack (0.4.3)
      safe_yaml (~> 1.0.0)
    daemons (1.2.4)
    dalli (2.7.6)
    database_cleaner (1.5.3)
    debug_inspector (0.0.2)
    devise (4.2.1)
      bcrypt (~> 3.0)
      orm_adapter (~> 0.1)
      railties (>= 4.1.0, < 5.1)
      responders
      warden (~> 1.2.3)
    diff-lcs (1.3)
    domain_name (0.5.20170404)
      unf (>= 0.0.5, < 1.0.0)
    draper (3.0.0.pre1)
      actionpack (~> 5.0)
      activemodel (~> 5.0)
      activemodel-serializers-xml (~> 1.0)
      activesupport (~> 5.0)
      request_store (~> 1.0)
    draper-cancancan (1.1.1)
    dry-configurable (0.6.2)
      concurrent-ruby (~> 1.0)
    dry-container (0.6.0)
      concurrent-ruby (~> 1.0)
      dry-configurable (~> 0.1, >= 0.1.3)
    dry-core (0.2.4)
      concurrent-ruby (~> 1.0)
    dry-equalizer (0.2.0)
    dry-logic (0.4.1)
      dry-container (~> 0.2, >= 0.2.6)
      dry-core (~> 0.2)
      dry-equalizer (~> 0.2)
    dry-struct (0.2.1)
      dry-configurable (~> 0.1)
      dry-equalizer (~> 0.2)
      dry-types (~> 0.9, >= 0.9.0)
      ice_nine (~> 0.11)
    dry-types (0.9.4)
      concurrent-ruby (~> 1.0)
      dry-configurable (~> 0.1)
      dry-container (~> 0.3)
      dry-core (~> 0.2, >= 0.2.1)
      dry-equalizer (~> 0.2)
      dry-logic (~> 0.4, >= 0.4.0)
      inflecto (~> 0.0.0, >= 0.0.2)
    em-hiredis (0.3.1)
      eventmachine (~> 1.0)
      hiredis (~> 0.6.0)
    em-http-request (1.1.5)
      addressable (>= 2.3.4)
      cookiejar (!= 0.3.1)
      em-socksify (>= 0.3)
      eventmachine (>= 1.0.3)
      http_parser.rb (>= 0.6.0)
    em-socksify (0.3.1)
      eventmachine (>= 1.0.0.beta.4)
    enumerize (2.0.1)
      activesupport (>= 3.2)
    erubi (1.6.0)
    erubis (2.7.0)
    eventmachine (1.2.3)
    execjs (2.7.0)
    factory_girl (4.7.0)
      activesupport (>= 3.0.0)
    factory_girl-seeds (1.1.0)
      factory_girl
    factory_girl_rails (4.7.0)
      factory_girl (~> 4.7.0)
      railties (>= 3.0.0)
    faraday (0.11.0)
      multipart-post (>= 1.2, < 3)
    faraday-cookie_jar (0.0.6)
      faraday (>= 0.7.4)
      http-cookie (~> 1.0.0)
    faraday_middleware (0.11.0.1)
      faraday (>= 0.7.4, < 1.0)
    faye (1.2.4)
      cookiejar (>= 0.3.0)
      em-http-request (>= 0.3.0)
      eventmachine (>= 0.12.0)
      faye-websocket (>= 0.9.1)
      multi_json (>= 1.0.0)
      rack (>= 1.0.0)
      websocket-driver (>= 0.5.1)
    faye-redis (0.2.0)
      em-hiredis (>= 0.2.0)
      eventmachine (>= 0.12.0)
      multi_json (>= 1.0.0)
    faye-websocket (0.10.0)
      eventmachine (>= 0.12.0)
      websocket-driver (>= 0.5.1)
    ffi (1.9.18)
    formatador (0.2.5)
    gcm (0.1.1)
      httparty
      json
    globalid (0.4.0)
      activesupport (>= 4.2.0)
    guard (2.14.1)
      formatador (>= 0.2.4)
      listen (>= 2.7, < 4.0)
      lumberjack (~> 1.0)
      nenv (~> 0.1)
      notiffany (~> 0.0)
      pry (>= 0.9.12)
      shellany (~> 0.0)
      thor (>= 0.18.1)
    guard-bundler (2.1.0)
      bundler (~> 1.0)
      guard (~> 2.2)
      guard-compat (~> 1.1)
    guard-compat (1.2.1)
    guard-pow (2.0.0)
      guard (~> 2.0)
    guard-rspec (4.7.3)
      guard (~> 2.1)
      guard-compat (~> 1.1)
      rspec (>= 2.99.0, < 4.0)
    guard-rubocop (1.2.0)
      guard (~> 2.0)
      rubocop (~> 0.20)
    guard-spring (1.1.1)
      guard (~> 2.0)
      guard-compat (~> 1.1)
      spring
    hashdiff (0.3.2)
    hashie (3.5.5)
    hiredis (0.6.1)
    honeybadger (3.1.2)
    htmlentities (4.3.4)
    http-cookie (1.0.3)
      domain_name (~> 0.5)
    http_parser.rb (0.6.0)
    httparty (0.14.0)
      multi_xml (>= 0.5.2)
    i18n (0.8.1)
    i18n-inflector (2.6.7)
      i18n (>= 0.4.1)
    i18n-inflector-rails (1.0.7)
      actionpack (>= 3.0.0)
      i18n-inflector (~> 2.6)
      railties (>= 3.0.0)
    i18n-js (3.0.0)
      i18n (~> 0.6, >= 0.6.6)
    icalendar (2.4.1)
    ice_nine (0.11.2)
    inflecto (0.0.2)
    jbuilder (2.6.3)
      activesupport (>= 3.0.0, < 5.2)
      multi_json (~> 1.2)
    json (2.1.0)
    jsonapi-renderer (0.1.2)
    jwt (1.5.6)
    kgio (2.11.0)
    launchy (2.4.3)
      addressable (~> 2.3)
    letter_opener (1.4.1)
      launchy (~> 2.2)
    listen (3.1.5)
      rb-fsevent (~> 0.9, >= 0.9.4)
      rb-inotify (~> 0.9, >= 0.9.7)
      ruby_dep (~> 1.2)
    lograge (0.4.1)
      actionpack (>= 4, < 5.1)
      activesupport (>= 4, < 5.1)
      railties (>= 4, < 5.1)
    loofah (2.0.3)
      nokogiri (>= 1.5.9)
    lumberjack (1.0.11)
    mactag (0.7.2)
    mail (2.6.4)
      mime-types (>= 1.16, < 4)
    marco-polo (1.2.1)
    maruku (0.7.3)
    meta-tags (2.4.0)
      actionpack (>= 3.2.0, <= 5.1.0)
    method_source (0.8.2)
    metrika (0.2.3)
      oauth2
      yajl-ruby
    mime-types (3.1)
      mime-types-data (~> 3.2015)
    mime-types-data (3.2016.0521)
    mimemagic (0.3.2)
    mini_portile2 (2.1.0)
    minitest (5.10.1)
    multi_json (1.12.1)
    multi_xml (0.6.0)
    multipart-post (2.0.0)
    nenv (0.3.0)
    net-scp (1.2.1)
      net-ssh (>= 2.6.5)
    net-ssh (4.1.0)
    newrelic_rpm (4.1.0.333)
    nio4r (2.0.0)
    nokogiri (1.7.1)
      mini_portile2 (~> 2.1.0)
    non-stupid-digest-assets (1.0.9)
      sprockets (>= 2.0)
    notiffany (0.1.1)
      nenv (~> 0.1)
      shellany (~> 0.0)
    oauth (0.5.1)
    oauth2 (1.3.1)
      faraday (>= 0.8, < 0.12)
      jwt (~> 1.0)
      multi_json (~> 1.3)
      multi_xml (~> 0.5)
      rack (>= 1.2, < 3)
    omniauth (1.6.1)
      hashie (>= 3.4.6, < 3.6.0)
      rack (>= 1.6.2, < 3)
    omniauth-facebook (4.0.0)
      omniauth-oauth2 (~> 1.2)
    omniauth-oauth (1.1.0)
      oauth
      omniauth (~> 1.0)
    omniauth-oauth2 (1.4.0)
      oauth2 (~> 1.0)
      omniauth (~> 1.2)
    omniauth-twitter (1.4.0)
      omniauth-oauth (~> 1.1)
      rack
    omniauth-vkontakte (1.4.0)
      omniauth-oauth2 (~> 1.2)
    open_uri_redirections (0.2.1)
    orm_adapter (0.5.0)
    paperclip (5.1.0)
      activemodel (>= 4.2.0)
      activesupport (>= 4.2.0)
      cocaine (~> 0.5.5)
      mime-types
      mimemagic (~> 0.3.0)
    parser (2.4.0.0)
      ast (~> 2.2)
    pg (0.20.0)
    pghero (1.6.5)
      activerecord
    powerpack (0.1.1)
    pry (0.10.4)
      coderay (~> 1.1.0)
      method_source (~> 0.8.1)
      slop (~> 3.4)
    pry-byebug (3.4.2)
      byebug (~> 9.0)
      pry (~> 0.10)
    pry-rails (0.3.6)
      pry (>= 0.10.4)
    pry-stack_explorer (0.4.9.2)
      binding_of_caller (>= 0.7)
      pry (>= 0.9.11)
    public_suffix (2.0.5)
    puma (3.8.2)
    rabl (0.13.1)
      activesupport (>= 2.3.14)
    rack (2.0.1)
    rack-attack (5.0.1)
      rack
    rack-cors (0.4.1)
    rack-protection (1.5.3)
      rack
    rack-test (0.6.3)
      rack (>= 1.0)
    rack-utf8_sanitizer (1.3.2)
      rack (>= 1.0, < 3.0)
    rails (5.1.0.rc2)
      actioncable (= 5.1.0.rc2)
      actionmailer (= 5.1.0.rc2)
      actionpack (= 5.1.0.rc2)
      actionview (= 5.1.0.rc2)
      activejob (= 5.1.0.rc2)
      activemodel (= 5.1.0.rc2)
      activerecord (= 5.1.0.rc2)
      activesupport (= 5.1.0.rc2)
      bundler (>= 1.3.0, < 2.0)
      railties (= 5.1.0.rc2)
      sprockets-rails (>= 2.0.0)
    rails-assets-bowser (1.6.1)
    rails-assets-d3 (3.5.17)
    rails-assets-desandro-matches-selector (2.0.2)
    rails-assets-ev-emitter (1.0.3)
    rails-assets-fizzy-ui-utils (2.0.2)
      rails-assets-desandro-matches-selector (~> 2.0.0)
    rails-assets-get-size (2.0.2)
    rails-assets-imagesloaded (4.1.1)
      rails-assets-ev-emitter (~> 1.0.0)
    rails-assets-jQuery-Storage-API (1.9.4)
      rails-assets-jquery (>= 1.4)
    rails-assets-jquery (2.2.4)
    rails-assets-jquery-bridget (2.0.0)
      rails-assets-jquery (>= 1.4.2, < 4)
    rails-assets-js-md5 (2.7.0)
    rails-assets-magnific-popup (1.1.0)
      rails-assets-jquery (>= 1.8.0)
    rails-assets-matches-selector (2.0.1)
    rails-assets-mobile-detect (1.3.6)
    rails-assets-nouislider (9.2.0)
    rails-assets-outlayer (2.1.0)
      rails-assets-ev-emitter (>= 1.0.0, < 2)
      rails-assets-fizzy-ui-utils (>= 2.0.0, < 3)
      rails-assets-get-size (>= 2.0.2, < 3)
    rails-assets-packery (2.1.1)
      rails-assets-get-size (>= 2.0.2, < 3)
      rails-assets-outlayer (>= 2.0.0, < 3)
    rails-assets-pikaday (1.5.1)
    rails-assets-sugar (1.4.1)
    rails-assets-uevent (1.0.0)
    rails-assets-urijs (1.18.10)
    rails-controller-testing (1.0.1)
      actionpack (~> 5.x)
      actionview (~> 5.x)
      activesupport (~> 5.x)
    rails-dom-testing (2.0.2)
      activesupport (>= 4.2.0, < 6.0)
      nokogiri (~> 1.6)
    rails-html-sanitizer (1.0.3)
      loofah (~> 2.0)
    rails-i18n (5.0.3)
      i18n (~> 0.7)
      railties (~> 5.0)
    railties (5.1.0.rc2)
      actionpack (= 5.1.0.rc2)
      activesupport (= 5.1.0.rc2)
      method_source
      rake (>= 0.8.7)
      thor (>= 0.18.1, < 2.0)
    rainbow (2.2.1)
    raindrops (0.18.0)
    rake (12.0.0)
    rb-fchange (0.0.6)
      ffi
    rb-fsevent (0.9.8)
    rb-inotify (0.9.8)
      ffi (>= 0.5.0)
    redis (3.3.3)
    redis-classy (2.4.1)
      redis-namespace (~> 1.0)
    redis-mutex (4.0.0)
      redis-classy (~> 2.0)
    redis-namespace (1.5.3)
      redis (~> 3.0, >= 3.0.4)
    request_store (1.3.2)
    responders (2.3.0)
      railties (>= 4.2.0, < 5.1)
    retryable (2.0.4)
    rmagick (2.16.0)
    rspec (3.5.0)
      rspec-core (~> 3.5.0)
      rspec-expectations (~> 3.5.0)
      rspec-mocks (~> 3.5.0)
    rspec-collection_matchers (1.1.3)
      rspec-expectations (>= 2.99.0.beta1)
    rspec-core (3.5.4)
      rspec-support (~> 3.5.0)
    rspec-expectations (3.5.0)
      diff-lcs (>= 1.2.0, < 2.0)
      rspec-support (~> 3.5.0)
    rspec-its (1.2.0)
      rspec-core (>= 3.0.0)
      rspec-expectations (>= 3.0.0)
    rspec-mocks (3.5.0)
      diff-lcs (>= 1.2.0, < 2.0)
      rspec-support (~> 3.5.0)
    rspec-rails (3.5.2)
      actionpack (>= 3.0)
      activesupport (>= 3.0)
      railties (>= 3.0)
      rspec-core (~> 3.5.0)
      rspec-expectations (~> 3.5.0)
      rspec-mocks (~> 3.5.0)
      rspec-support (~> 3.5.0)
    rspec-support (3.5.0)
    rubocop (0.48.1)
      parser (>= 2.3.3.1, < 3.0)
      powerpack (~> 0.1)
      rainbow (>= 1.99.1, < 3.0)
      ruby-progressbar (~> 1.7)
      unicode-display_width (~> 1.0, >= 1.0.1)
    ruby-progressbar (1.8.1)
    ruby_dep (1.5.0)
    rvm1-capistrano3 (1.4.0)
      capistrano (~> 3.0)
      sshkit (>= 1.2)
    safe_yaml (1.0.4)
    sass (3.4.23)
    sassc (1.11.2)
      bundler
      ffi (~> 1.9.6)
      sass (>= 3.3.0)
    sassc-rails (1.3.0)
      railties (>= 4.0.0)
      sass
      sassc (~> 1.9)
      sprockets (> 2.11)
      sprockets-rails
      tilt
    shellany (0.0.1)
    shoulda-matchers (3.1.1)
      activesupport (>= 4.0.0)
    sidekiq (4.2.10)
      concurrent-ruby (~> 1.0)
      connection_pool (~> 2.2, >= 2.2.0)
      rack-protection (>= 1.5.0)
      redis (~> 3.2, >= 3.2.1)
    sidekiq-limit_fetch (3.4.0)
      sidekiq (>= 4)
    simple_form (3.4.0)
      actionpack (> 4, < 5.1)
      activemodel (> 4, < 5.1)
    slim (3.0.7)
      temple (~> 0.7.6)
      tilt (>= 1.3.3, < 2.1)
    slim-rails (3.1.2)
      actionpack (>= 3.1)
      railties (>= 3.1)
      slim (~> 3.0)
    slop (3.6.0)
    spring (2.0.1)
      activesupport (>= 4.2)
    spring-commands-rspec (1.0.4)
      spring (>= 0.9.1)
    sprockets (3.7.1)
      concurrent-ruby (~> 1.0)
      rack (> 1, < 3)
    sprockets-rails (3.2.0)
      actionpack (>= 4.0)
      activesupport (>= 4.0)
      sprockets (>= 3.0.0)
    sshkit (1.13.1)
      net-scp (>= 1.1.2)
      net-ssh (>= 2.8.0)
    state_machine (1.2.0)
    state_machine_rspec (0.2.0)
      activesupport
      rspec (>= 3.0.0.rc1)
      state_machine (>= 1.1.0)
    temple (0.7.7)
    thin (1.7.0)
      daemons (~> 1.0, >= 1.0.9)
      eventmachine (~> 1.0, >= 1.0.4)
      rack (>= 1, < 3)
    thor (0.19.4)
    thread_safe (0.3.6)
    tilt (2.0.7)
    timecop (0.8.1)
    tins (0.13.2)
    truncate_html (0.9.3)
    tzinfo (1.2.3)
      thread_safe (~> 0.1)
    uglifier (3.2.0)
      execjs (>= 0.3.0, < 3)
    unf (0.1.4)
      unf_ext
    unf_ext (0.0.7.3)
    unicode (0.4.4.4)
    unicode-display_width (1.2.1)
    unicorn (5.3.0)
      kgio (~> 2.6)
      raindrops (~> 0.7)
    vcr (3.0.3)
    warden (1.2.7)
      rack (>= 1.0)
    webmock (2.3.2)
      addressable (>= 2.3.6)
      crack (>= 0.3.2)
      hashdiff
    websocket-driver (0.6.5)
      websocket-extensions (>= 0.1.0)
    websocket-extensions (0.1.2)
    whenever (0.9.7)
      chronic (>= 0.6.3)
    xpath (2.0.0)
      nokogiri (~> 1.3)
    xxhash (0.4.0)
    yajl-ruby (1.3.0)
    zaru (0.1.0)

PLATFORMS
  ruby

DEPENDENCIES
  actionpack-action_caching
  active_model_serializers
  active_record_query_trace
  activerecord-import
  acts-as-taggable-on
  acts_as_list
  acts_as_voteable!
  airbrussh
  amatch!
  apipie-rails
  appsignal
  attr_extras
  awesome_print
  better_errors
  binding_of_caller
  bourbon
  browser
  byebug
  cancancan!
  capistrano
  capistrano-bundler
  capistrano-rails
  capybara
  chainable_methods
  clockwork
  coffee-rails
  colorize
  dalli
  database_cleaner
  devise
  draper (= 3.0.0.pre1)
  draper-cancancan
  dry-struct
  enumerize (= 2.0.1)
  factory_girl-seeds
  factory_girl_rails
  faraday
  faraday-cookie_jar
  faraday_middleware
  faye
  faye-redis
  faye-websocket (= 0.10.0)
  gcm
  guard
  guard-bundler
  guard-i18n-js!
  guard-pow
  guard-rspec
  guard-rubocop
  guard-spring
  honeybadger
  htmldiff!
  htmlentities
  i18n-inflector-rails
  i18n-js
  icalendar
  jade-rails!
  jbuilder
  letter_opener
  lograge
  mactag
  mal_parser!
  marco-polo
  maruku
  meta-tags
  metrika
  newrelic_rpm
  nokogiri
  non-stupid-digest-assets
  omniauth
  omniauth-facebook
  omniauth-twitter
  omniauth-vkontakte
  open_uri_redirections
  paperclip
  pg
  pghero
  pry-byebug
  pry-rails
  pry-stack_explorer
  puma
  rabl
  rack-attack
  rack-contrib!
  rack-cors
  rack-utf8_sanitizer
  rails (= 5.1.0.rc2)
  rails-assets-bowser!
  rails-assets-d3!
  rails-assets-fizzy-ui-utils (= 2.0.2)!
  rails-assets-get-size (= 2.0.2)!
  rails-assets-imagesloaded!
  rails-assets-jQuery-Storage-API!
  rails-assets-jquery (= 2.2.4)!
  rails-assets-jquery-bridget (= 2.0.0)!
  rails-assets-js-md5!
  rails-assets-magnific-popup!
  rails-assets-matches-selector (= 2.0.1)!
  rails-assets-mobile-detect!
  rails-assets-nouislider!
  rails-assets-outlayer (= 2.1.0)!
  rails-assets-packery!
  rails-assets-pikaday!
  rails-assets-sugar!
  rails-assets-uevent!
  rails-assets-urijs!
  rails-controller-testing
  rails-i18n
  rake
  rb-fchange
  rb-fsevent
  rb-inotify
  redis
  redis-mutex
  redis-namespace
  responders
  retryable
  rmagick
  rs_russian!
  rspec
  rspec-collection_matchers
  rspec-core
  rspec-expectations
  rspec-its
  rspec-mocks
  rspec-rails
  ruby-svd!
  rvm1-capistrano3
  sassc-rails
  shoulda-matchers
  sidekiq
  sidekiq-limit_fetch
  sidekiq-unique-jobs!
  simple_form
  simple_form-magic_submit!
  slim-rails
  spring
  spring-commands-rspec
  state_machine
  state_machine_rspec
  thin
  timecop
  truncate_html
  turbolinks!
  uglifier
  unicode
  unicorn
  vcr
  webmock
  whenever
  xxhash
  zaru

BUNDLED WITH
   1.14.6
